GEM
  remote: https://rubygems.org/
  specs:
    awesome_bot (1.7.1)
      faraday (~> 0.9.2)
      parallel (~> 1.6.1)
    faraday (0.9.2)
      multipart-post (>= 1.2, < 3)
    multipart-post (2.0.0)
    parallel (1.6.2)

PLATFORMS
  ruby

DEPENDENCIES
  awesome_bot

BUNDLED WITH
   1.11.2
